GEM
  remote: https://rubygems.org/
  specs:
    backports (3.3.0)
    chronic (0.9.1)
    eventmachine (1.0.3)
    faraday (0.8.6)
      multipart-post (~> 1.1)
    faraday_middleware (0.9.0)
      faraday (>= 0.7.4, < 0.9)
    kgio (2.8.0)
    multi_json (1.7.2)
    multipart-post (1.2.0)
    rack (1.5.2)
    rack-protection (1.5.0)
      rack
    rack-test (0.6.2)
      rack (>= 1.0)
    raindrops (0.10.0)
    sinatra (1.4.2)
      rack (~> 1.5, >= 1.5.2)
      rack-protection (~> 1.4)
      tilt (~> 1.3, >= 1.3.4)
    sinatra-contrib (1.4.0)
      backports (>= 2.0)
      eventmachine
      rack-protection
      rack-test
      sinatra (~> 1.4.2)
      tilt (~> 1.3)
    tilt (1.3.7)
    unicorn (4.6.2)
      kgio (~> 2.6)
      rack
      raindrops (~> 0.7)
    windy (0.1.2)
      faraday_middleware (~> 0.8)
      multi_json (~> 1.0)

PLATFORMS
  ruby

DEPENDENCIES
  chronic
  sinatra
  sinatra-contrib
  unicorn
  windy
